GIT
  remote: git://github.com/kainosnoema/rack-lineprof.git
  revision: b625eb7e64ac6e9c652c03be7fb9687400885a57
  specs:
    rack-lineprof (0.0.3)
      rack (>= 1.5)
      rblineprof (~> 0.3.6)
      term-ansicolor (~> 1.3)

GEM
  remote: https://rubygems.org/
  specs:
    backports (3.10.3)
    concurrent-ruby (1.0.5)
    concurrent-ruby-edge (0.3.1)
      concurrent-ruby (= 1.0.5)
    debugger-ruby_core_source (1.3.8)
    diff-lcs (1.3)
    eventmachine (1.2.5)
    faye-websocket (0.10.7)
      eventmachine (>= 0.12.0)
      websocket-driver (>= 0.5.1)
    multi_json (1.12.2)
    mustermann (1.0.1)
    mysql2 (0.4.10)
    puma (3.10.0)
    rack (2.0.3)
    rack-protection (2.0.0)
      rack
    rblineprof (0.3.7)
      debugger-ruby_core_source (~> 1.3)
    rspec (3.7.0)
      rspec-core (~> 3.7.0)
      rspec-expectations (~> 3.7.0)
      rspec-mocks (~> 3.7.0)
    rspec-core (3.7.0)
      rspec-support (~> 3.7.0)
    rspec-expectations (3.7.0)
      diff-lcs (>= 1.2.0, < 2.0)
      rspec-support (~> 3.7.0)
    rspec-mocks (3.7.0)
      diff-lcs (>= 1.2.0, < 2.0)
      rspec-support (~> 3.7.0)
    rspec-support (3.7.0)
    sinatra (2.0.0)
      mustermann (~> 1.0)
      rack (~> 2.0)
      rack-protection (= 2.0.0)
      tilt (~> 2.0)
    sinatra-contrib (2.0.0)
      backports (>= 2.0)
      multi_json
      mustermann (~> 1.0)
      rack-protection (= 2.0.0)
      sinatra (= 2.0.0)
      tilt (>= 1.3, < 3)
    term-ansicolor (1.6.0)
      tins (~> 1.0)
    tilt (2.0.8)
    tins (1.15.1)
    websocket-driver (0.7.0)
      websocket-extensions (>= 0.1.0)
    websocket-extensions (0.1.3)

PLATFORMS
  ruby

DEPENDENCIES
  concurrent-ruby-edge
  faye-websocket
  mysql2
  puma
  rack-lineprof!
  rspec
  sinatra
  sinatra-contrib

BUNDLED WITH
   1.16.0
